GEM
  remote: https://rubygems.org/
  specs:
    chunky_png (1.3.5)
    compass (1.0.3)
      chunky_png (~> 1.2)
      compass-core (~> 1.0.2)
      compass-import-once (~> 1.0.5)
      rb-fsevent (>= 0.9.3)
      rb-inotify (>= 0.9)
      sass (>= 3.3.13, < 3.5)
    compass-core (1.0.3)
      multi_json (~> 1.0)
      sass (>= 3.3.0, < 3.5)
    compass-import-once (1.0.5)
      sass (>= 3.2, < 3.5)
    ffi (1.9.10)
    kramdown (1.9.0)
    mime-types (2.6.2)
    mini_portile (0.6.2)
    multi_json (1.11.2)
    nokogiri (1.6.6.2)
      mini_portile (~> 0.6.0)
    prophecy (0.2.6)
      compass (>= 0.12.2)
      kramdown (>= 1.2.0)
      mime-types (>= 1.25)
      nokogiri (>= 1.6.0)
      roman-numerals (>= 0.3.0)
      thor (~> 0.18)
    rb-fsevent (0.9.7)
    rb-inotify (0.9.5)
      ffi (>= 0.5.0)
    roman-numerals (0.3.0)
    sass (3.4.20)
    thor (0.19.1)

PLATFORMS
  ruby

DEPENDENCIES
  prophecy (~> 0.2.6)
